GEM
  remote: https://rubygems.org/
  specs:
    xqsr3 (0.39.3.1)

PLATFORMS
  ruby
  arm64-darwin
  arm64-darwin-23
  x64-mingw-ucrt
  x64-mingw32
  x86_64-darwin
  x86_64-darwin-20
  x86_64-darwin-24
  x86_64-linux
  x86_64-unknown

DEPENDENCIES
  xqsr3
