GEM
  remote: https://rubygems.org/
  specs:
    xqsr3 (0.39.3.1)

PLATFORMS
  ruby
  x86_64-darwin-20

DEPENDENCIES
  xqsr3

BUNDLED WITH
   2.6.6
